PATH
  remote: .
  specs:
    platform-api (0.3.0)
      heroics

GEM
  remote: https://rubygems.org/
  specs:
    erubis (2.7.0)
    excon (0.45.3)
    heroics (0.0.12)
      erubis (~> 2.7.0)
      excon
      moneta
      multi_json (>= 1.9.2)
      netrc
    moneta (0.8.0)
    multi_json (1.11.2)
    netrc (0.10.3)
    rake (10.2.2)
    yard (0.8.7.2)

PLATFORMS
  ruby

DEPENDENCIES
  bundler (~> 1.3)
  platform-api!
  rake
  yard
